GEM
  remote: http://rubygems.org/
  specs:
    addressable (2.2.8)
    artii (2.0.0)
      artii
    async-rack (0.5.1)
      rack (~> 1.1)
    cookiejar (0.3.0)
    diff-lcs (1.1.3)
    em-http-request (1.0.2)
      addressable (>= 2.2.3)
      cookiejar
      em-socksify
      eventmachine (>= 1.0.0.beta.4)
      http_parser.rb (>= 0.5.3)
    em-socksify (0.2.0)
      eventmachine
    em-synchrony (1.0.1)
      eventmachine
    eventmachine
    foreman (0.41.0)
      thor (>= 0.13.6)
    goliath (0.9.4)
      async-rack
      em-synchrony (>= 1.0.0)
      eventmachine 
      http_parser.rb
      http_router (~> 0.9.0)
      log4r
      multi_json
      rack (>= 1.2.2)
      rack-contrib
      rack-respond_to
    http_parser.rb (0.5.3)
    http_router (0.9.7)
      rack (>= 1.0.0)
      url_mount (~> 0.2.1)
    log4r (1.1.10)
    multi_json (1.3.4)
    rack (1.4.1)
    rack-accept-media-types (0.9)
    rack-contrib (1.1.0)
      rack (>= 0.9.1)
    rack-respond_to (0.9.8)
      rack-accept-media-types (>= 0.6)
    rake (0.9.2.2)
    rspec (2.8.0)
      rspec-core (~> 2.8.0)
      rspec-expectations (~> 2.8.0)
      rspec-mocks (~> 2.8.0)
    rspec-core (2.8.0)
    rspec-expectations (2.8.0)
      diff-lcs (~> 1.1.2)
    rspec-mocks (2.8.0)
    thor (0.14.6)
    url_mount (0.2.1)
      rack

PLATFORMS
  ruby

DEPENDENCIES
  artii
  em-http-request (= 1.0.2)
  em-synchrony (= 1.0.1)
  foreman
  goliath (= 0.9.4)
  rake
  rspec
